GIT
  remote: https://github.com/hotwired/turbo-rails.git
  revision: b775fe4a1f9db28e3d650864c1bb6c089f44efa6
  specs:
    turbo-rails (2.0.10)
      actionpack (>= 6.0.0)
      railties (>= 6.0.0)

GIT
  remote: https://github.com/pry/pry.git
  revision: b35e0f02a6e68ccde45e3699c8505e25a5cdf271
  specs:
    pry (0.14.2)
      coderay (~> 1.1)
      method_source (~> 1.0)

GIT
  remote: https://github.com/rails/importmap-rails.git
  revision: f588506eebc7b276f8b3539301633f93d2bda55d
  specs:
    importmap-rails (2.0.3)
      actionpack (>= 6.0.0)
      activesupport (>= 6.0.0)
      railties (>= 6.0.0)

GIT
  remote: https://github.com/rails/propshaft.git
  revision: 993c67d843cd544927cce150cddc160b9c5607e3
  specs:
    propshaft (1.1.0)
      actionpack (>= 7.0.0)
      activesupport (>= 7.0.0)
      rack
      railties (>= 7.0.0)

GEM
  remote: https://rubygems.org/
  specs:
    actioncable (8.0.0.beta1)
      actionpack (= 8.0.0.beta1)
      activesupport (= 8.0.0.beta1)
      nio4r (~> 2.0)
      websocket-driver (>= 0.6.1)
      zeitwerk (~> 2.6)
    actionmailbox (8.0.0.beta1)
      actionpack (= 8.0.0.beta1)
      activejob (= 8.0.0.beta1)
      activerecord (= 8.0.0.beta1)
      activestorage (= 8.0.0.beta1)
      activesupport (= 8.0.0.beta1)
      mail (>= 2.8.0)
    actionmailer (8.0.0.beta1)
      actionpack (= 8.0.0.beta1)
      actionview (= 8.0.0.beta1)
      activejob (= 8.0.0.beta1)
      activesupport (= 8.0.0.beta1)
      mail (>= 2.8.0)
      rails-dom-testing (~> 2.2)
    actionpack (8.0.0.beta1)
      actionview (= 8.0.0.beta1)
      activesupport (= 8.0.0.beta1)
      nokogiri (>= 1.8.5)
      rack (>= 2.2.4)
      rack-session (>= 1.0.1)
      rack-test (>= 0.6.3)
      rails-dom-testing (~> 2.2)
      rails-html-sanitizer (~> 1.6)
      useragent (~> 0.16)
    actiontext (8.0.0.beta1)
      actionpack (= 8.0.0.beta1)
      activerecord (= 8.0.0.beta1)
      activestorage (= 8.0.0.beta1)
      activesupport (= 8.0.0.beta1)
      globalid (>= 0.6.0)
      nokogiri (>= 1.8.5)
    actionview (8.0.0.beta1)
      activesupport (= 8.0.0.beta1)
      builder (~> 3.1)
      erubi (~> 1.11)
      rails-dom-testing (~> 2.2)
      rails-html-sanitizer (~> 1.6)
    activejob (8.0.0.beta1)
      activesupport (= 8.0.0.beta1)
      globalid (>= 0.3.6)
    activemodel (8.0.0.beta1)
      activesupport (= 8.0.0.beta1)
    activerecord (8.0.0.beta1)
      activemodel (= 8.0.0.beta1)
      activesupport (= 8.0.0.beta1)
      timeout (>= 0.4.0)
    activestorage (8.0.0.beta1)
      actionpack (= 8.0.0.beta1)
      activejob (= 8.0.0.beta1)
      activerecord (= 8.0.0.beta1)
      activesupport (= 8.0.0.beta1)
      marcel (~> 1.0)
    activesupport (8.0.0.beta1)
      base64
      benchmark (>= 0.3)
      bigdecimal
      concurrent-ruby (~> 1.0, >= 1.3.1)
      connection_pool (>= 2.2.5)
      drb
      i18n (>= 1.6, < 2)
      logger (>= 1.4.2)
      minitest (>= 5.1)
      securerandom (>= 0.3)
      tzinfo (~> 2.0, >= 2.0.5)
      uri (>= 0.13.1)
    addressable (2.8.7)
      public_suffix (>= 2.0.2, < 7.0)
    ast (2.4.2)
    base64 (0.2.0)
    bcrypt (3.1.20)
    benchmark (0.3.0)
    bigdecimal (3.1.8)
    bindex (0.8.1)
    bootsnap (1.18.4)
      msgpack (~> 1.2)
    brakeman (6.2.1)
      racc
    builder (3.3.0)
    capybara (3.40.0)
      addressable
      matrix
      mini_mime (>= 0.1.3)
      nokogiri (~> 1.11)
      rack (>= 1.6.0)
      rack-test (>= 0.6.3)
      regexp_parser (>= 1.5, < 3.0)
      xpath (~> 3.2)
    chunky_png (1.4.0)
    coderay (1.1.3)
    concurrent-ruby (1.3.4)
    connection_pool (2.4.1)
    crack (1.0.0)
      bigdecimal
      rexml
    crass (1.0.6)
    date (3.3.4)
    debug (1.9.2)
      irb (~> 1.10)
      reline (>= 0.3.8)
    drb (2.2.1)
    erubi (1.13.0)
    faker (3.4.2)
      i18n (>= 1.8.11, < 2)
    geared_pagination (1.2.0)
      activesupport (>= 5.0)
      addressable (>= 2.5.0)
    globalid (1.2.1)
      activesupport (>= 6.1)
    hashdiff (1.1.1)
    i18n (1.14.6)
      concurrent-ruby (~> 1.0)
    io-console (0.7.2)
    irb (1.14.1)
      rdoc (>= 4.0.0)
      reline (>= 0.4.2)
    jbuilder (2.13.0)
      actionview (>= 5.0.0)
      activesupport (>= 5.0.0)
    json (2.7.2)
    jwt (2.9.3)
      base64
    kredis (1.7.0)
      activemodel (>= 6.0.0)
      activesupport (>= 6.0.0)
      redis (>= 4.2, < 6)
    language_server-protocol (3.17.0.3)
    logger (1.6.1)
    loofah (2.22.0)
      crass (~> 1.0.2)
      nokogiri (>= 1.12.0)
    mail (2.8.1)
      mini_mime (>= 0.1.1)
      net-imap
      net-pop
      net-smtp
    marcel (1.0.4)
    matrix (0.4.2)
    method_source (1.1.0)
    mini_mime (1.1.5)
    minitest (5.25.1)
    mission_control-jobs (0.3.2)
      importmap-rails
      irb (~> 1.13)
      propshaft
      rails (>= 7.1)
      stimulus-rails
      turbo-rails
    mocha (2.4.5)
      ruby2_keywords (>= 0.0.5)
    mono_logger (1.1.2)
    msgpack (1.7.3)
    multi_json (1.15.0)
    mustermann (3.0.3)
      ruby2_keywords (~> 0.0.1)
    net-http-persistent (4.0.4)
      connection_pool (~> 2.2)
    net-imap (0.4.17)
      date
      net-protocol
    net-pop (0.1.2)
      net-protocol
    net-protocol (0.2.2)
      timeout
    net-smtp (0.5.0)
      net-protocol
    nio4r (2.7.3)
    nokogiri (1.16.7-arm64-darwin)
      racc (~> 1.4)
    openssl (3.2.0)
    parallel (1.26.3)
    parser (3.3.5.0)
      ast (~> 2.4.1)
      racc
    pg (1.5.8)
    platform_agent (1.0.1)
      activesupport (>= 5.2.0)
      useragent (~> 0.16.3)
    pry-rails (0.3.11)
      pry (>= 0.13.0)
    psych (5.1.2)
      stringio
    public_suffix (6.0.1)
    puma (6.4.3)
      nio4r (~> 2.0)
    racc (1.8.1)
    rack (3.1.7)
    rack-protection (4.0.0)
      base64 (>= 0.1.0)
      rack (>= 3.0.0, < 4)
    rack-session (2.0.0)
      rack (>= 3.0.0)
    rack-test (2.1.0)
      rack (>= 1.3)
    rackup (2.1.0)
      rack (>= 3)
      webrick (~> 1.8)
    rails (8.0.0.beta1)
      actioncable (= 8.0.0.beta1)
      actionmailbox (= 8.0.0.beta1)
      actionmailer (= 8.0.0.beta1)
      actionpack (= 8.0.0.beta1)
      actiontext (= 8.0.0.beta1)
      actionview (= 8.0.0.beta1)
      activejob (= 8.0.0.beta1)
      activemodel (= 8.0.0.beta1)
      activerecord (= 8.0.0.beta1)
      activestorage (= 8.0.0.beta1)
      activesupport (= 8.0.0.beta1)
      bundler (>= 1.15.0)
      railties (= 8.0.0.beta1)
    rails-dom-testing (2.2.0)
      activesupport (>= 5.0.0)
      minitest
      nokogiri (>= 1.6)
    rails-html-sanitizer (1.6.0)
      loofah (~> 2.21)
      nokogiri (~> 1.14)
    rails_autolink (1.1.8)
      actionview (> 3.1)
      activesupport (> 3.1)
      railties (> 3.1)
    railties (8.0.0.beta1)
      actionpack (= 8.0.0.beta1)
      activesupport (= 8.0.0.beta1)
      irb (~> 1.13)
      rackup (>= 1.0.0)
      rake (>= 12.2)
      thor (~> 1.0, >= 1.2.2)
      zeitwerk (~> 2.6)
    rainbow (3.1.1)
    rake (13.2.1)
    rdoc (6.7.0)
      psych (>= 4.0.0)
    redis (5.3.0)
      redis-client (>= 0.22.0)
    redis-client (0.22.2)
      connection_pool
    redis-namespace (1.11.0)
      redis (>= 4)
    regexp_parser (2.9.2)
    reline (0.5.10)
      io-console (~> 0.5)
    resque (2.6.0)
      mono_logger (~> 1.0)
      multi_json (~> 1.0)
      redis-namespace (~> 1.6)
      sinatra (>= 0.9.2)
    resque-pool (0.7.1)
      rake (>= 10.0, < 14.0)
      resque (>= 1.22, < 3)
    rexml (3.3.8)
    rqrcode (2.2.0)
      chunky_png (~> 1.0)
      rqrcode_core (~> 1.0)
    rqrcode_core (1.2.0)
    rubocop (1.66.1)
      json (~> 2.3)
      language_server-protocol (>= 3.17.0)
      parallel (~> 1.10)
      parser (>= 3.3.0.2)
      rainbow (>= 2.2.2, < 4.0)
      regexp_parser (>= 2.4, < 3.0)
      rubocop-ast (>= 1.32.2, < 2.0)
      ruby-progressbar (~> 1.7)
      unicode-display_width (>= 2.4.0, < 3.0)
    rubocop-ast (1.32.3)
      parser (>= 3.3.1.0)
    rubocop-minitest (0.36.0)
      rubocop (>= 1.61, < 2.0)
      rubocop-ast (>= 1.31.1, < 2.0)
    rubocop-performance (1.22.1)
      rubocop (>= 1.48.1, < 2.0)
      rubocop-ast (>= 1.31.1, < 2.0)
    rubocop-rails (2.26.2)
      activesupport (>= 4.2.0)
      rack (>= 1.1)
      rubocop (>= 1.52.0, < 2.0)
      rubocop-ast (>= 1.31.1, < 2.0)
    rubocop-rails-omakase (1.0.0)
      rubocop
      rubocop-minitest
      rubocop-performance
      rubocop-rails
    ruby-progressbar (1.13.0)
    ruby2_keywords (0.0.5)
    rubyzip (2.3.2)
    securerandom (0.3.1)
    selenium-webdriver (4.25.0)
      base64 (~> 0.2)
      logger (~> 1.4)
      rexml (~> 3.2, >= 3.2.5)
      rubyzip (>= 1.2.2, < 3.0)
      websocket (~> 1.0)
    sinatra (4.0.0)
      mustermann (~> 3.0)
      rack (>= 3.0.0, < 4)
      rack-protection (= 4.0.0)
      rack-session (>= 2.0.0, < 3)
      tilt (~> 2.0)
    stimulus-rails (1.3.4)
      railties (>= 6.0.0)
    stringio (3.1.1)
    thor (1.3.2)
    tilt (2.4.0)
    timeout (0.4.1)
    torque-postgresql (3.4.0)
      pg (>= 1.2)
      rails (>= 7.0)
    tzinfo (2.0.6)
      concurrent-ruby (~> 1.0)
    unicode-display_width (2.6.0)
    uri (0.13.1)
    useragent (0.16.10)
    uuid7 (0.2.0)
      zeitwerk (~> 2.4)
    web-console (4.2.1)
      actionview (>= 6.0.0)
      activemodel (>= 6.0.0)
      bindex (>= 0.4.0)
      railties (>= 6.0.0)
    web-push (3.0.1)
      jwt (~> 2.0)
      openssl (~> 3.0)
    webmock (3.24.0)
      addressable (>= 2.8.0)
      crack (>= 0.3.2)
      hashdiff (>= 0.4.0, < 2.0.0)
    webrick (1.8.2)
    websocket (1.2.11)
    websocket-driver (0.7.6)
      websocket-extensions (>= 0.1.0)
    websocket-extensions (0.1.5)
    xpath (3.2.0)
      nokogiri (~> 1.8)
    zeitwerk (2.7.0)

PLATFORMS
  arm64-darwin

DEPENDENCIES
  bcrypt
  bootsnap
  brakeman
  capybara
  debug
  faker
  geared_pagination
  importmap-rails!
  jbuilder
  kredis
  mission_control-jobs
  mocha
  net-http-persistent
  pg
  platform_agent
  propshaft!
  pry!
  pry-rails
  puma
  rails (= 8.0.0.beta1)
  rails_autolink
  redis
  resque (~> 2.6.0)
  resque-pool (~> 0.7.1)
  rqrcode
  rubocop-rails-omakase
  selenium-webdriver
  stimulus-rails
  torque-postgresql (~> 3.4)
  turbo-rails!
  uuid7
  web-console
  web-push
  webmock

RUBY VERSION
   ruby 3.3.5p100

BUNDLED WITH
   2.5.5
